GEM
  remote: https://rubygems.org/
  specs:
    nokogiri (1.15.5-arm64-darwin)
      racc (~> 1.4)
    racc (1.7.3)
    regexp_parser (2.8.2)
    rexml (3.2.6)
    rubyzip (2.3.2)
    selenium-webdriver (4.10.0)
      rexml (~> 3.2, >= 3.2.5)
      rubyzip (>= 1.2.2, < 3.0)
      websocket (~> 1.0)
    watir (7.3.0)
      regexp_parser (>= 1.2, < 3)
      selenium-webdriver (~> 4.2)
    webdrivers (5.3.1)
      nokogiri (~> 1.6)
      rubyzip (>= 1.3.0)
      selenium-webdriver (~> 4.0, < 4.11)
    websocket (1.2.10)

PLATFORMS
  arm64-darwin-22

DEPENDENCIES
  nokogiri
  selenium-webdriver
  watir
  webdrivers

BUNDLED WITH
   2.4.21
